GIT
  remote: https://github.com/upenn-libraries/todo_runner.git
  revision: 6420a9e529394aef45ab2668881a1a943da5f4ad
  branch: master
  specs:
    todo_runner (0.3.2)

GEM
  remote: https://rubygems.org/
  specs:
    coderay (1.1.2)
    logger (1.2.8.1)
    macaddr (1.7.1)
      systemu (~> 2.6.2)
    method_source (0.9.0)
    mini_magick (4.9.4)
    pry (0.11.3)
      coderay (~> 1.1.0)
      method_source (~> 0.9.0)
    rake (12.3.1)
    smarter_csv (1.2.4)
    systemu (2.6.5)
    uuid (2.3.9)
      macaddr (~> 1.0)
    zaru (0.2.0)

PLATFORMS
  ruby

DEPENDENCIES
  logger (= 1.2.8.1)
  mini_magick
  pry
  rake
  smarter_csv
  todo_runner!
  uuid
  zaru

BUNDLED WITH
   1.16.1
